GEM
  remote: https://www.rubygems.org/
  specs:
    coderay (1.1.2)
    concurrent-ruby (1.0.5)
    i18n (1.0.1)
      concurrent-ruby (~> 1.0)
    method_source (0.9.0)
    numbers_and_words (0.11.5)
      i18n
    pry (0.11.3)
      coderay (~> 1.1.0)
      method_source (~> 0.9.0)

PLATFORMS
  ruby

DEPENDENCIES
  numbers_and_words
  pry

BUNDLED WITH
   1.16.1
